GEM
  remote: https://rubygems.org/
  specs:
    axiom-types (0.1.1)
      descendants_tracker (~> 0.0.4)
      ice_nine (~> 0.11.0)
      thread_safe (~> 0.3, >= 0.3.1)
    coderay (1.1.0)
    coercible (1.0.0)
      descendants_tracker (~> 0.0.1)
    descendants_tracker (0.0.4)
      thread_safe (~> 0.3, >= 0.3.1)
    equalizer (0.0.9)
    ffi (1.9.6-java)
    ice_nine (0.11.0)
    jbundler (0.5.5)
      bundler (~> 1.5)
      ruby-maven (>= 3.1.1.0.1, < 3.1.2)
    jruby-kafka (0.2.1-java)
      jbundler (= 0.5.5)
    maven-tools (1.0.5)
      virtus (~> 1.0)
    method_source (0.8.2)
    pry (0.10.1)
      coderay (~> 1.1.0)
      method_source (~> 0.8.1)
      slop (~> 3.4)
    pry (0.10.1-java)
      coderay (~> 1.1.0)
      method_source (~> 0.8.1)
      slop (~> 3.4)
      spoon (~> 0.0)
    rb-readline (0.5.1)
    ruby-maven (3.1.1.0.8)
      maven-tools (~> 1.0.1)
      ruby-maven-libs (= 3.1.1)
    ruby-maven-libs (3.1.1)
    slop (3.6.0)
    spoon (0.0.4)
      ffi
    thread_safe (0.3.4)
    thread_safe (0.3.4-java)
    virtus (1.0.3)
      axiom-types (~> 0.1)
      coercible (~> 1.0)
      descendants_tracker (~> 0.0, >= 0.0.3)
      equalizer (~> 0.0, >= 0.0.9)

PLATFORMS
  java
  ruby

DEPENDENCIES
  jbundler
  jruby-kafka (~> 0.2.1)
  pry (~> 0.10.1)
  rb-readline (~> 0.5.1)
